PATH
  remote: .
  specs:
    cliprojunesco (0.1.0)
      nokogiri
      pry

GEM
  remote: https://rubygems.org/
  specs:
    coderay (1.1.3)
    method_source (1.0.0)
    nokogiri (1.11.3-x86_64-linux)
      racc (~> 1.4)
    pry (0.14.1)
      coderay (~> 1.1)
      method_source (~> 1.0)
    racc (1.5.2)
    rake (10.5.0)

PLATFORMS
  x86_64-linux

DEPENDENCIES
  bundler (~> 2.0)
  cliprojunesco!
  rake (~> 10.0)

BUNDLED WITH
   2.2.11
